GEM
  remote: https://rubygems.org/
  specs:
    byebug (9.0.6)
    coderay (1.1.1)
    diff-lcs (1.2.5)
    method_source (0.8.2)
    pry (0.10.4)
      coderay (~> 1.1.0)
      method_source (~> 0.8.1)
      slop (~> 3.4)
    pry-byebug (3.4.2)
      byebug (~> 9.0)
      pry (~> 0.10)
    rake (13.0.1)
    rspec (3.3.0)
      rspec-core (~> 3.3.0)
      rspec-expectations (~> 3.3.0)
      rspec-mocks (~> 3.3.0)
    rspec-core (3.3.2)
      rspec-support (~> 3.3.0)
    rspec-expectations (3.3.1)
      diff-lcs (>= 1.2.0, < 2.0)
      rspec-support (~> 3.3.0)
    rspec-mocks (3.3.2)
      diff-lcs (>= 1.2.0, < 2.0)
      rspec-support (~> 3.3.0)
    rspec-support (3.3.0)
    slop (3.6.0)

PLATFORMS
  ruby

DEPENDENCIES
  pry (~> 0.10.1)
  pry-byebug
  rake (>= 12.3.3)
  rspec (~> 3.3.0)

RUBY VERSION
   ruby 2.6.4p104

BUNDLED WITH
   1.17.2
